PATH
  remote: .
  specs:
    remote_table (1.0.0)
      activesupport (>= 2.3.4)
      builder
      escape (>= 0.0.4)
      google-spreadsheet-ruby
      i18n
      nokogiri (>= 1.4.1)
      roo (~> 1.9)
      slither (>= 0.99.4)
      spreadsheet
      zip

GEM
  remote: http://rubygems.org/
  specs:
    activesupport (3.0.3)
    builder (3.0.0)
    columnize (0.3.2)
    errata (0.2.4)
      activesupport (>= 2.3.4)
      remote_table (>= 0.2.31)
    escape (0.0.4)
    google-spreadsheet-ruby (0.1.2)
      nokogiri (>= 1.4.3.1)
      oauth (>= 0.3.6)
    i18n (0.5.0)
    linecache (0.43)
    nokogiri (1.4.3.1)
    oauth (0.4.4)
    roo (1.9.3)
    ruby-debug (0.10.4)
      columnize (>= 0.1)
      ruby-debug-base (~> 0.10.4.0)
    ruby-debug-base (0.10.4)
      linecache (>= 0.3)
    ruby-ole (1.2.10.1)
    shoulda (2.10.3)
    slither (0.99.4)
    spreadsheet (0.6.4.1)
      ruby-ole
    test-unit (2.1.2)
    zip (2.0.2)

PLATFORMS
  ruby

DEPENDENCIES
  activesupport (>= 2.3.4)
  builder
  errata (>= 0.2.0)
  escape (>= 0.0.4)
  google-spreadsheet-ruby
  i18n
  nokogiri (>= 1.4.1)
  remote_table!
  roo (~> 1.9)
  ruby-debug
  shoulda
  slither (>= 0.99.4)
  spreadsheet
  test-unit
  zip
